GEM
  remote: https://rubygems.org/
  specs:
    actioncable (6.1.6.1)
      actionpack (= 6.1.6.1)
      activesupport (= 6.1.6.1)
      nio4r (~> 2.0)
      websocket-driver (>= 0.6.1)
    actionmailbox (6.1.6.1)
      actionpack (= 6.1.6.1)
      activejob (= 6.1.6.1)
      activerecord (= 6.1.6.1)
      activestorage (= 6.1.6.1)
      activesupport (= 6.1.6.1)
      mail (>= 2.7.1)
    actionmailer (6.1.6.1)
      actionpack (= 6.1.6.1)
      actionview (= 6.1.6.1)
      activejob (= 6.1.6.1)
      activesupport (= 6.1.6.1)
      mail (~> 2.5, >= 2.5.4)
      rails-dom-testing (~> 2.0)
    actionpack (6.1.6.1)
      actionview (= 6.1.6.1)
      activesupport (= 6.1.6.1)
      rack (~> 2.0, >= 2.0.9)
      rack-test (>= 0.6.3)
      rails-dom-testing (~> 2.0)
      rails-html-sanitizer (~> 1.0, >= 1.2.0)
    actiontext (6.1.6.1)
      actionpack (= 6.1.6.1)
      activerecord (= 6.1.6.1)
      activestorage (= 6.1.6.1)
      activesupport (= 6.1.6.1)
      nokogiri (>= 1.8.5)
    actionview (6.1.6.1)
      activesupport (= 6.1.6.1)
      builder (~> 3.1)
      erubi (~> 1.4)
      rails-dom-testing (~> 2.0)
      rails-html-sanitizer (~> 1.1, >= 1.2.0)
    activejob (6.1.6.1)
      activesupport (= 6.1.6.1)
      globalid (>= 0.3.6)
    activemodel (6.1.6.1)
      activesupport (= 6.1.6.1)
    activerecord (6.1.6.1)
      activemodel (= 6.1.6.1)
      activesupport (= 6.1.6.1)
    activestorage (6.1.6.1)
      actionpack (= 6.1.6.1)
      activejob (= 6.1.6.1)
      activerecord (= 6.1.6.1)
      activesupport (= 6.1.6.1)
      marcel (~> 1.0)
      mini_mime (>= 1.1.0)
    activesupport (6.1.6.1)
      concurrent-ruby (~> 1.0, >= 1.0.2)
      i18n (>= 1.6, < 2)
      minitest (>= 5.1)
      tzinfo (~> 2.0)
      zeitwerk (~> 2.3)
    ast (2.4.2)
    awesome_print (1.9.2)
    aws-eventstream (1.3.2)
    aws-partitions (1.1067.0)
    aws-sdk-core (3.220.1)
      aws-eventstream (~> 1, >= 1.3.0)
      aws-partitions (~> 1, >= 1.992.0)
      aws-sigv4 (~> 1.9)
      base64
      jmespath (~> 1, >= 1.6.1)
    aws-sdk-kms (1.99.0)
      aws-sdk-core (~> 3, >= 3.216.0)
      aws-sigv4 (~> 1.5)
    aws-sdk-s3 (1.182.0)
      aws-sdk-core (~> 3, >= 3.216.0)
      aws-sdk-kms (~> 1)
      aws-sigv4 (~> 1.5)
    aws-sigv4 (1.11.0)
      aws-eventstream (~> 1, >= 1.0.2)
    base64 (0.2.0)
    bindex (0.8.1)
    bootsnap (1.18.4)
      msgpack (~> 1.2)
    builder (3.3.0)
    byebug (11.1.3)
    coderay (1.1.3)
    concurrent-ruby (1.3.5)
    connection_pool (2.5.0)
    crass (1.0.6)
    date (3.4.1)
    diff-lcs (1.6.0)
    dotenv (2.8.1)
    dotenv-rails (2.8.1)
      dotenv (= 2.8.1)
      railties (>= 3.2)
    erubi (1.13.1)
    factory_bot (6.5.1)
      activesupport (>= 6.1.0)
    factory_bot_rails (6.4.4)
      factory_bot (~> 6.5)
      railties (>= 5.0.0)
    ffi (1.17.1)
    globalid (1.2.1)
      activesupport (>= 6.1)
    i18n (1.14.7)
      concurrent-ruby (~> 1.0)
    jbuilder (2.13.0)
      actionview (>= 5.0.0)
      activesupport (>= 5.0.0)
    jmespath (1.6.2)
    json (2.10.2)
    language_server-protocol (3.17.0.4)
    lint_roller (1.1.0)
    listen (3.7.1)
      rb-fsevent (~> 0.10, >= 0.10.3)
      rb-inotify (~> 0.9, >= 0.9.10)
    loofah (2.24.0)
      crass (~> 1.0.2)
      nokogiri (>= 1.12.0)
    mail (2.8.1)
      mini_mime (>= 0.1.1)
      net-imap
      net-pop
      net-smtp
    marcel (1.0.4)
    method_source (1.1.0)
    mini_mime (1.1.5)
    mini_portile2 (2.8.8)
    minitest (5.25.5)
    msgpack (1.8.0)
    net-imap (0.5.6)
      date
      net-protocol
    net-pop (0.1.2)
      net-protocol
    net-protocol (0.2.2)
      timeout
    net-smtp (0.5.1)
      net-protocol
    nio4r (2.7.4)
    nokogiri (1.18.4)
      mini_portile2 (~> 2.8.2)
      racc (~> 1.4)
    parallel (1.26.3)
    parser (3.3.7.1)
      ast (~> 2.4.1)
      racc
    pg (1.4.6)
    pry (0.15.2)
      coderay (~> 1.1)
      method_source (~> 1.0)
    pry-rails (0.3.11)
      pry (>= 0.13.0)
    puma (6.6.0)
      nio4r (~> 2.0)
    racc (1.8.1)
    rack (2.2.13)
    rack-proxy (0.7.7)
      rack
    rack-test (2.2.0)
      rack (>= 1.3)
    rails (6.1.6.1)
      actioncable (= 6.1.6.1)
      actionmailbox (= 6.1.6.1)
      actionmailer (= 6.1.6.1)
      actionpack (= 6.1.6.1)
      actiontext (= 6.1.6.1)
      actionview (= 6.1.6.1)
      activejob (= 6.1.6.1)
      activemodel (= 6.1.6.1)
      activerecord (= 6.1.6.1)
      activestorage (= 6.1.6.1)
      activesupport (= 6.1.6.1)
      bundler (>= 1.15.0)
      railties (= 6.1.6.1)
      sprockets-rails (>= 2.0.0)
    rails-dom-testing (2.2.0)
      activesupport (>= 5.0.0)
      minitest
      nokogiri (>= 1.6)
    rails-html-sanitizer (1.6.2)
      loofah (~> 2.21)
      nokogiri (>= 1.15.7, != 1.16.7, != 1.16.6, != 1.16.5, != 1.16.4, != 1.16.3, != 1.16.2, != 1.16.1, != 1.16.0.rc1, != 1.16.0)
    railties (6.1.6.1)
      actionpack (= 6.1.6.1)
      activesupport (= 6.1.6.1)
      method_source
      rake (>= 12.2)
      thor (~> 1.0)
    rainbow (3.1.1)
    rake (13.2.1)
    rb-fsevent (0.11.2)
    rb-inotify (0.11.1)
      ffi (~> 1.0)
    redis (5.4.0)
      redis-client (>= 0.22.0)
    redis-client (0.24.0)
      connection_pool
    regexp_parser (2.10.0)
    rspec-core (3.13.3)
      rspec-support (~> 3.13.0)
    rspec-expectations (3.13.3)
      diff-lcs (>= 1.2.0, < 2.0)
      rspec-support (~> 3.13.0)
    rspec-mocks (3.13.2)
      diff-lcs (>= 1.2.0, < 2.0)
      rspec-support (~> 3.13.0)
    rspec-rails (5.1.2)
      actionpack (>= 5.2)
      activesupport (>= 5.2)
      railties (>= 5.2)
      rspec-core (~> 3.10)
      rspec-expectations (~> 3.10)
      rspec-mocks (~> 3.10)
      rspec-support (~> 3.10)
    rspec-support (3.13.2)
    rubocop (1.74.0)
      json (~> 2.3)
      language_server-protocol (~> 3.17.0.2)
      lint_roller (~> 1.1.0)
      parallel (~> 1.10)
      parser (>= 3.3.0.2)
      rainbow (>= 2.2.2, < 4.0)
      regexp_parser (>= 2.9.3, < 3.0)
      rubocop-ast (>= 1.38.0, < 2.0)
      ruby-progressbar (~> 1.7)
      unicode-display_width (>= 2.4.0, < 4.0)
    rubocop-ast (1.39.0)
      parser (>= 3.3.1.0)
    rubocop-rspec (2.12.0)
      rubocop (~> 1.31)
    ruby-progressbar (1.13.0)
    sass-rails (6.0.0)
      sassc-rails (~> 2.1, >= 2.1.1)
    sassc (2.4.0)
      ffi (~> 1.9)
    sassc-rails (2.1.2)
      railties (>= 4.0.0)
      sassc (>= 2.0)
      sprockets (> 3.0)
      sprockets-rails
      tilt
    semantic_range (3.1.0)
    spring (2.1.1)
    spring-watcher-listen (2.0.1)
      listen (>= 2.7, < 4.0)
      spring (>= 1.2, < 3.0)
    sprockets (4.2.1)
      concurrent-ruby (~> 1.0)
      rack (>= 2.2.4, < 4)
    sprockets-rails (3.5.2)
      actionpack (>= 6.1)
      activesupport (>= 6.1)
      sprockets (>= 3.0.0)
    sqlite3 (1.7.3-arm64-darwin)
    sqlite3 (1.7.3-x86_64-darwin)
    sqlite3 (1.7.3-x86_64-linux)
    tailwindcss-rails (2.5.0-arm64-darwin)
      railties (>= 6.0.0)
    tailwindcss-rails (2.5.0-x86_64-darwin)
      railties (>= 6.0.0)
    tailwindcss-rails (2.5.0-x86_64-linux)
      railties (>= 6.0.0)
    thor (1.3.2)
    tilt (2.6.0)
    timeout (0.4.3)
    tzinfo (2.0.6)
      concurrent-ruby (~> 1.0)
    unicode-display_width (3.1.4)
      unicode-emoji (~> 4.0, >= 4.0.4)
    unicode-emoji (4.0.4)
    web-console (4.2.1)
      actionview (>= 6.0.0)
      activemodel (>= 6.0.0)
      bindex (>= 0.4.0)
      railties (>= 6.0.0)
    webpacker (5.4.4)
      activesupport (>= 5.2)
      rack-proxy (>= 0.6.1)
      railties (>= 5.2)
      semantic_range (>= 2.3.0)
    webrick (1.9.1)
    websocket-driver (0.7.7)
      base64
      websocket-extensions (>= 0.1.0)
    websocket-extensions (0.1.5)
    zeitwerk (2.6.18)

PLATFORMS
  arm64-darwin-22
  x86_64-darwin-21
  x86_64-linux

DEPENDENCIES
  awesome_print (~> 1.9)
  aws-sdk-s3 (~> 1.114)
  bootsnap (>= 1.13)
  byebug (~> 11.1.3)
  dotenv-rails (~> 2.8)
  factory_bot_rails (~> 6.2)
  jbuilder (~> 2.11)
  listen (~> 3.7.1)
  mail (>= 2.8.0.rc1)
  pg (~> 1.4.3)
  pry-rails (>= 0.3.9)
  puma (>= 5.6.4)
  rails (~> 6.1.6.1)
  redis
  rspec-rails (~> 5.1)
  rubocop (~> 1.36)
  rubocop-rspec (= 2.12)
  sass-rails (~> 6.0)
  spring (< 3.0)
  spring-watcher-listen (~> 2.0.1)
  sqlite3 (~> 1.4)
  tailwindcss-rails (~> 2.0)
  web-console (>= 4.2)
  webpacker (~> 5.0)
  webrick (~> 1.7)

RUBY VERSION
   ruby 3.1.2p20

BUNDLED WITH
   2.3.21
